GEM
  remote: http://rubygems.org/
  specs:
    lorem (0.1.2)
    oyster (0.9.5)
    packr (3.1.1)
      oyster (>= 0.9.5)
    rack (1.3.4)
    sinatra (1.2.7)
      rack (~> 1.1)
      tilt (>= 1.2.2, < 2.0)
    tilt (1.2.2)

PLATFORMS
  ruby

DEPENDENCIES
  lorem
  packr (~> 3.1.1)
  sinatra (~> 1.2.6)
  tilt (= 1.2.2)
